GIT
  remote: git://github.com/rack/rack-contrib.git
  revision: 951760b1710634623ebbccef8d65df9139bb41c2
  specs:
    rack-contrib (1.2.0)
      rack (>= 0.9.1)

GEM
  remote: http://rubygems.org/
  specs:
    SassyLists (0.3.2)
      compass (>= 0.12.1)
      sass (>= 3.2.0)
    addressable (2.3.5)
    blend-mode (0.0.1)
      compass (~> 0.12)
    bourbon-compass (3.1.8)
      compass (>= 0.11)
      sass (>= 3.2.0)
    breakpoint (2.0.7)
      compass (>= 0.12.1)
      sass (>= 3.2.0)
    breakpoint-slicer (1.2)
      breakpoint (>= 2.0.1)
      compass (>= 0.12.2)
      sass (>= 3.2.1)
    breakup (0.2.1)
      compass (>= 0.12.2)
      sass (>= 3.2.0)
    chairman (0.0.2)
      github_api (~> 0.10.2)
      sinatra (~> 1.4.3)
    chunky_png (1.2.9)
    closure-compiler (1.1.10)
    color-schemer (0.2.7)
      compass (~> 0.12)
      compass-blend-modes (~> 0.0.2)
    compass (0.13.alpha.10)
      chunky_png (~> 1.2)
      json
      listen (~> 1.1.0)
      sass (~> 3.3.0.rc.1)
    compass-blend-modes (0.0.2)
      compass
    compass-inuit (5.0.2)
      compass (>= 0.12.2)
    compass-photoshop-drop-shadow (0.0.1)
      compass
    compass-placeholders (1.0.0.rc.2)
      compass
    css-slideshow (0.2.0)
      compass (>= 0.10.0.rc3)
    cssmin (1.0.3)
    fancy-buttons (1.2.0)
      compass (>= 0.11)
    faraday (0.8.8)
      multipart-post (~> 1.2.0)
    ffi (1.9.3)
    fittext (0.0.5)
      compass (>= 0.10.0.rc3)
    github_api (0.10.2)
      addressable
      faraday (~> 0.8.7)
      hashie (>= 1.2)
      multi_json (~> 1.4)
      nokogiri (~> 1.6.0)
      oauth2
    grid-coordinates (1.2.0)
      compass (>= 0.11.5)
    harsh (1.0.0)
      compass (>= 0.10.0.rc3)
    hashie (2.0.5)
    httpauth (0.2.0)
    jacket (1.0.0)
      compass (>= 0.12.2)
      sass (>= 3.2.0)
    jammit (0.6.6)
      cssmin (>= 1.0.3)
      jsmin (>= 1.0.1)
    jsmin (1.0.1)
    json (1.8.1)
    jwt (0.1.8)
      multi_json (>= 1.5)
    kgio (2.8.1)
    listen (1.1.6)
      rb-fsevent (>= 0.9.3)
      rb-inotify (>= 0.9)
      rb-kqueue (>= 0.2)
    mini_portile (0.5.2)
    modular-scale (1.0.6)
      compass (>= 0.12.1)
      sass (>= 3.2.0)
      sassy-math (>= 1.5)
    multi_json (1.8.2)
    multi_xml (0.5.5)
    multipart-post (1.2.0)
    neat-compass (1.4.0)
      bourbon-compass (>= 3.1.3)
      compass (>= 0.11)
      sass (>= 3.2)
    newrelic_rpm (3.6.8.168)
    nokogiri (1.6.0)
      mini_portile (~> 0.5.0)
    normalize-scss (2.1.3)
      sass (>= 3.2)
    oauth2 (0.9.2)
      faraday (~> 0.8)
      httpauth (~> 0.2)
      jwt (~> 0.1.4)
      multi_json (~> 1.0)
      multi_xml (~> 0.5)
      rack (~> 1.2)
    rack (1.5.2)
    rack-protection (1.5.1)
      rack
    raindrops (0.12.0)
    rb-fsevent (0.9.3)
    rb-inotify (0.9.2)
      ffi (>= 0.5.0)
    rb-kqueue (0.2.0)
      ffi (>= 0.5.0)
    responsive-sass (0.1.1)
      compass (>= 0.11)
    rwdcalc (0.0.2)
      compass (>= 0.12.2)
      sass (>= 3.2.1)
    salsa (0.0.1)
      compass (>= 0.12.1)
      sass (>= 3.2.0)
    sass (3.3.0.rc.1)
      listen (~> 1.1.0)
    sassy-buttons (0.2.6)
      compass (>= 0.12.2)
    sassy-maps (0.1.1)
      compass (= 0.13.alpha.10)
      sass (= 3.3.0.rc.1)
    sassy-math (1.5)
      compass (~> 0.11)
    sassy-strings (1.0.0)
      compass (>= 0.12.2)
    sassy-text-shadow (0.0.4)
      compass (>= 0.11.5)
    sinatra (1.4.4)
      rack (~> 1.4)
      rack-protection (~> 1.4)
      tilt (~> 1.3, >= 1.3.4)
    sinatra-partial (0.4.0)
      sinatra
    singularity-extras (0.0.3)
      modular-scale (>= 1.0.6)
      sassy-math (>= 1.5)
      singularitygs (>= 0.0.1)
    singularity-golden-grid (1.1)
      sass (>= 3.2.1)
      singularitygs (>= 1.1.1)
    singularitygs (1.1.2)
      breakpoint (>= 2.0.1)
      compass (>= 0.12.2)
      sass (>= 3.2.1)
    stipe (0.0.6.3)
      compass (>= 0.11)
      sass (>= 3.2.1)
    stitch (0.1.4)
      compass
    susy (1.0.9)
      compass (>= 0.12.2)
      sass (>= 3.2.0)
    thor (0.18.1)
    tilt (1.3.4)
    toolkit (1.3.8)
      breakpoint (>= 2.0.6)
      color-schemer (>= 0.2.7)
      compass (>= 0.12.2)
      sassy-strings (>= 1.0.0)
      singularitygs (>= 1.1.2)
    true (0.1.5)
      compass (>= 0.12.2)
      sass (>= 3.2.0)
    unicorn (4.7.0)
      kgio (~> 2.6)
      rack
      raindrops (~> 0.7)
    zen-grids (1.4)
      sass (>= 3.1)
    zurb-foundation (4.3.2)
      sass (>= 3.2.0)

PLATFORMS
  ruby

DEPENDENCIES
  SassyLists
  blend-mode
  bourbon-compass
  breakpoint
  breakpoint-slicer
  breakup
  chairman
  closure-compiler
  color-schemer
  compass
  compass-blend-modes
  compass-inuit
  compass-photoshop-drop-shadow
  compass-placeholders
  css-slideshow
  fancy-buttons
  fittext
  github_api
  grid-coordinates
  harsh
  jacket
  jammit
  modular-scale
  neat-compass
  newrelic_rpm
  normalize-scss
  rack-contrib!
  responsive-sass
  rwdcalc
  salsa
  sass
  sassy-buttons
  sassy-maps
  sassy-math
  sassy-text-shadow
  sinatra
  sinatra-partial
  singularity-extras
  singularity-golden-grid
  singularitygs
  stipe
  stitch
  susy (~> 1.0.9)
  thor
  tilt (= 1.3.4)
  toolkit
  true
  unicorn
  zen-grids
  zurb-foundation
