GIT
  remote: git://github.com/jedfoster/s3_website.git
  revision: b3cf08bc0fadde5dbb38a81b1717e1bd675f550f
  branch: 1.x
  specs:
    s3_website (1.8.1)
      aws-sdk (~> 1)
      configure-s3-website (= 1.5.5)
      dotenv (~> 0.11.1)
      erubis (~> 2.7.0)
      filey-diff (~> 2.0.0)
      mime-types (~> 1)
      simple-cloudfront-invalidator (~> 1)
      thor (= 0.18.1)
      zopfli (~> 0.0.3)

GEM
  remote: http://rubygems.org/
  specs:
    activesupport (5.2.0)
      concurrent-ruby (~> 1.0, >= 1.0.2)
      i18n (>= 0.7, < 2)
      minitest (~> 5.1)
      tzinfo (~> 1.1)
    addressable (2.3.8)
    aws-sdk (1.67.0)
      aws-sdk-v1 (= 1.67.0)
    aws-sdk-v1 (1.67.0)
      json (~> 1.4)
      nokogiri (~> 1)
    backports (3.11.2)
    chairman (0.2)
      dalli (~> 2.6.4)
      faraday-http-cache (~> 0.4.0)
      memcachier (~> 0.0.2)
      octokit (~> 4.2.0)
      oj (~> 2.4.0)
      sinatra (~> 1.4.3)
    coderay (1.1.2)
    colored (1.2)
    concurrent-ruby (1.0.5)
    configure-s3-website (1.5.5)
      deep_merge (= 1.0.0)
    dalli (2.6.4)
    deep_merge (1.0.0)
    dotenv (0.11.1)
      dotenv-deployment (~> 0.0.2)
    dotenv-deployment (0.0.2)
    erubis (2.7.0)
    fakeredis (0.7.0)
      redis (>= 3.2, < 5.0)
    faraday (0.9.2)
      multipart-post (>= 1.2, < 3)
    faraday-http-cache (0.4.2)
      faraday (~> 0.8)
    filey-diff (2.0.0)
    i18n (1.0.0)
      concurrent-ruby (~> 1.0)
    json (1.8.6)
    kgio (2.11.2)
    memcachier (0.0.2)
    method_source (0.9.0)
    mime-types (1.25.1)
    mini_portile2 (2.3.0)
    minitest (5.11.3)
    multi_json (1.13.1)
    multipart-post (2.0.0)
    newrelic_rpm (5.0.0.342)
    nokogiri (1.8.2)
      mini_portile2 (~> 2.3.0)
    octokit (4.2.0)
      sawyer (~> 0.6.0, >= 0.5.3)
    oj (2.4.3)
    pry (0.11.3)
      coderay (~> 1.1.0)
      method_source (~> 0.9.0)
    pry-remote (0.1.8)
      pry (~> 0.9)
      slop (~> 3.0)
    rack (1.6.9)
    rack-cache (1.7.1)
      rack (>= 0.4)
    rack-contrib (1.8.0)
      rack (~> 1.4)
    rack-protection (1.5.5)
      rack
    rack-test (1.0.0)
      rack (>= 1.0, < 3)
    raindrops (0.19.0)
    rake (12.3.1)
    redis (4.0.1)
    sawyer (0.6.0)
      addressable (~> 2.3.5)
      faraday (~> 0.8, < 0.10)
    simple-cloudfront-invalidator (1.1.0)
      colored (= 1.2)
    sinatra (1.4.8)
      rack (~> 1.5)
      rack-protection (~> 1.4)
      tilt (>= 1.3, < 3)
    sinatra-contrib (1.4.7)
      backports (>= 2.0)
      multi_json
      rack-protection
      rack-test
      sinatra (~> 1.4.0)
      tilt (>= 1.3, < 3)
    slop (3.6.0)
    thor (0.18.1)
    thread_safe (0.3.6)
    tilt (2.0.8)
    tzinfo (1.2.5)
      thread_safe (~> 0.1)
    unicorn (5.4.0)
      kgio (~> 2.6)
      raindrops (~> 0.7)
    zopfli (0.0.7)

PLATFORMS
  ruby

DEPENDENCIES
  activesupport
  chairman (~> 0.2)
  dotenv
  fakeredis
  faraday
  newrelic_rpm
  nokogiri
  pry-remote
  rack-cache
  rack-contrib
  rack-test
  rake
  redis
  s3_website!
  sawyer
  sinatra
  sinatra-contrib
  thor
  unicorn

RUBY VERSION
   ruby 2.2.3p173

BUNDLED WITH
   1.12.3
