GIT
  remote: git://github.com/rack/rack-contrib.git
  revision: 6ff3ca2b2d988911ca52a2712f6a7da5e064aa27
  specs:
    rack-contrib (1.2.0)
      rack (>= 0.9.1)

PATH
  remote: ~/Code/Chairman
  specs:
    chairman (0.1.1)
      dalli (~> 2.6.4)
      faraday-http-cache (~> 0.3.0)
      memcachier (= 0.0.2)
      octokit (~> 2.0)
      oj (= 2.4.0)
      sinatra (~> 1.4.3)

GEM
  remote: http://rubygems.org/
  specs:
    activesupport (4.0.2)
      i18n (~> 0.6, >= 0.6.4)
      minitest (~> 4.2)
      multi_json (~> 1.3)
      thread_safe (~> 0.1)
      tzinfo (~> 0.3.37)
    addressable (2.3.5)
    atomic (1.1.14)
    aws-sdk (1.8.5)
      json (~> 1.4)
      nokogiri (>= 1.4.4)
      uuidtools (~> 2.1)
    chunky_png (1.2.9)
    closure-compiler (1.1.10)
    coderay (1.1.0)
    colored (1.2)
    compass (1.0.0.alpha.17)
      chunky_png (~> 1.2)
      compass-core (~> 1.0.0.alpha.16)
      compass-import-once (~> 1.0.1)
      json
      listen (~> 1.1.0)
      sass (~> 3.3.0.rc.1)
    compass-core (1.0.0.alpha.16)
      multi_json (~> 1.0)
      sass (>= 3.3.rc.1)
    compass-import-once (1.0.2)
    configure-s3-website (1.5.2)
      deep_merge (= 1.0.0)
    cssmin (1.0.3)
    dalli (2.6.4)
    deep_merge (1.0.0)
    erubis (2.7.0)
    faraday (0.9.0)
      multipart-post (>= 1.2, < 3)
    faraday-http-cache (0.3.0)
      activesupport (>= 3.0)
      faraday (~> 0.8)
      multi_json (~> 1.3)
    ffi (1.9.3)
    filey-diff (1.4.3)
    i18n (0.6.9)
    jammit (0.6.6)
      cssmin (>= 1.0.3)
      jsmin (>= 1.0.1)
    jsmin (1.0.1)
    json (1.8.1)
    kgio (2.8.1)
    listen (1.1.6)
      rb-fsevent (>= 0.9.3)
      rb-inotify (>= 0.9)
      rb-kqueue (>= 0.2)
    memcachier (0.0.2)
    method_source (0.8.2)
    mime-types (1.19)
    mini_portile (0.5.2)
    minitest (4.7.5)
    multi_json (1.8.4)
    multipart-post (2.0.0)
    newrelic_rpm (3.7.1.182)
    nokogiri (1.6.1)
      mini_portile (~> 0.5.0)
    octokit (2.7.1)
      sawyer (~> 0.5.2)
    oj (2.4.0)
    pry (0.9.12.6)
      coderay (~> 1.0)
      method_source (~> 0.8)
      slop (~> 3.4)
    pry-remote (0.1.8)
      pry (~> 0.9)
      slop (~> 3.0)
    rack (1.5.2)
    rack-protection (1.5.1)
      rack
    raindrops (0.12.0)
    rake (10.1.1)
    rb-fsevent (0.9.4)
    rb-inotify (0.9.3)
      ffi (>= 0.5.0)
    rb-kqueue (0.2.0)
      ffi (>= 0.5.0)
    s3_website (1.6.7)
      aws-sdk (~> 1.8.5)
      configure-s3-website (= 1.5.2)
      erubis (~> 2.7.0)
      filey-diff (~> 1.4.3)
      mime-types (= 1.19)
      simple-cloudfront-invalidator (~> 1)
      thor (= 0.18.1)
    sass (3.3.0.rc.2)
      listen (~> 1.1.0)
    sawyer (0.5.3)
      addressable (~> 2.3.5)
      faraday (~> 0.8, < 0.10)
    simple-cloudfront-invalidator (1.0.1)
      colored (= 1.2)
    sinatra (1.4.4)
      rack (~> 1.4)
      rack-protection (~> 1.4)
      tilt (~> 1.3, >= 1.3.4)
    sinatra-partial (0.4.0)
      sinatra
    slop (3.4.7)
    stipe (0.0.6.4)
      compass (>= 0.11)
      sass (>= 3.2.1)
    thor (0.18.1)
    thread_safe (0.1.3)
      atomic
    tilt (1.4.1)
    tzinfo (0.3.38)
    unicorn (4.7.0)
      kgio (~> 2.6)
      rack
      raindrops (~> 0.7)
    uuidtools (2.1.4)

PLATFORMS
  ruby

DEPENDENCIES
  chairman!
  closure-compiler
  compass (~> 1.0.0.alpha.17)
  jammit
  newrelic_rpm
  pry-remote
  rack-contrib!
  rake
  s3_website
  sass (~> 3.3.0.rc.2)
  sinatra
  sinatra-partial
  stipe
  unicorn
