GIT
  remote: git://github.com/rack/rack-contrib.git
  revision: 6ff3ca2b2d988911ca52a2712f6a7da5e064aa27
  specs:
    rack-contrib (1.2.0)
      rack (>= 0.9.1)

GEM
  remote: http://rubygems.org/
  specs:
    activesupport (4.0.2)
      i18n (~> 0.6, >= 0.6.4)
      minitest (~> 4.2)
      multi_json (~> 1.3)
      thread_safe (~> 0.1)
      tzinfo (~> 0.3.37)
    addressable (2.3.5)
    atomic (1.1.14)
    chairman (0.1.1)
      dalli (~> 2.6.4)
      faraday-http-cache (~> 0.3.0)
      memcachier (= 0.0.2)
      octokit (~> 2.0)
      oj (= 2.4.0)
      sinatra (~> 1.4.3)
    chunky_png (1.2.9)
    closure-compiler (1.1.10)
    compass (0.12.2)
      chunky_png (~> 1.2)
      fssm (>= 0.2.7)
      sass (~> 3.1)
    cssmin (1.0.3)
    dalli (2.6.4)
    faraday (0.8.8)
      multipart-post (~> 1.2.0)
    faraday-http-cache (0.3.0)
      activesupport (>= 3.0)
      faraday (~> 0.8)
      multi_json (~> 1.3)
    fssm (0.2.10)
    i18n (0.6.9)
    jammit (0.6.6)
      cssmin (>= 1.0.3)
      jsmin (>= 1.0.1)
    jsmin (1.0.1)
    kgio (2.8.1)
    memcachier (0.0.2)
    minitest (4.7.5)
    multi_json (1.8.4)
    multipart-post (1.2.0)
    newrelic_rpm (3.7.1.182)
    octokit (2.7.0)
      sawyer (~> 0.5.2)
    oj (2.4.0)
    rack (1.5.2)
    rack-protection (1.5.1)
      rack
    raindrops (0.12.0)
    rake (10.1.1)
    sass (3.2.13)
    sawyer (0.5.2)
      addressable (~> 2.3.5)
      faraday (~> 0.8, < 0.10)
    sinatra (1.4.4)
      rack (~> 1.4)
      rack-protection (~> 1.4)
      tilt (~> 1.3, >= 1.3.4)
    sinatra-partial (0.4.0)
      sinatra
    stipe (0.0.6.4)
      compass (>= 0.11)
      sass (>= 3.2.1)
    thread_safe (0.1.3)
      atomic
    tilt (1.4.1)
    tzinfo (0.3.38)
    unicorn (4.7.0)
      kgio (~> 2.6)
      rack
      raindrops (~> 0.7)

PLATFORMS
  ruby

DEPENDENCIES
  chairman
  closure-compiler
  compass
  jammit
  newrelic_rpm
  rack-contrib!
  rake
  sass
  sinatra
  sinatra-partial
  stipe
  unicorn
